

GROUP NetCore
CONDITION: NOTUNITY
RESTRICTION: || (== net472) (== netstandard2.1)
NUGET
  remote: https://api.nuget.org/v3/index.json
    BouncyCastle (1.8.9) - restriction: || (== net472) (&& (== netstandard2.1) (>= net451) (< netstandard2.0)) (&& (== netstandard2.1) (>= net461))
    Microsoft.Bcl.AsyncInterfaces (7.0) - restriction: || (== net472) (&& (== netstandard2.1) (>= net462))
      System.Threading.Tasks.Extensions (>= 4.5.4) - restriction: || (== net472) (&& (== netstandard2.1) (>= net462))
    Microsoft.Extensions.DependencyInjection (7.0)
      Microsoft.Bcl.AsyncInterfaces (>= 7.0) - restriction: || (== net472) (&& (== netstandard2.1) (>= net462))
      Microsoft.Extensions.DependencyInjection.Abstractions (>= 7.0)
      System.Threading.Tasks.Extensions (>= 4.5.4) - restriction: || (== net472) (&& (== netstandard2.1) (>= net462))
    Microsoft.Extensions.DependencyInjection.Abstractions (7.0)
      Microsoft.Bcl.AsyncInterfaces (>= 7.0) - restriction: || (== net472) (&& (== netstandard2.1) (>= net462))
      System.Threading.Tasks.Extensions (>= 4.5.4) - restriction: || (== net472) (&& (== netstandard2.1) (>= net462))
    Microsoft.Extensions.Logging.Abstractions (6.0.1)
      System.Buffers (>= 4.5.1)
      System.Memory (>= 4.5.4)
    Microsoft.NETCore.Platforms (7.0.2) - restriction: || (&& (== net472) (< net45)) (&& (== net472) (< net451)) (&& (== net472) (>= netcoreapp2.0)) (&& (== net472) (< netstandard1.0)) (&& (== net472) (< netstandard1.3) (>= wpa81)) (&& (== net472) (< netstandard1.5) (>= uap10.0)) (&& (== net472) (< portable-net45+win8+wpa81)) (&& (== net472) (>= uap10.1)) (&& (== net472) (>= wp8)) (== netstandard2.1)
    NBitcoin (7.0.24)
      Microsoft.Extensions.Logging.Abstractions (>= 1.0)
      Newtonsoft.Json (>= 13.0.1)
      System.Buffers (>= 4.5) - restriction: || (== net472) (&& (== netstandard2.1) (>= net472)) (&& (== netstandard2.1) (< netstandard1.3)) (&& (== netstandard2.1) (< netstandard2.0))
    Nethereum.ABI (4.14)
      BouncyCastle (>= 1.8.2 < 2.0) - restriction: || (== net472) (&& (== netstandard2.1) (>= net451) (< netstandard2.0)) (&& (== netstandard2.1) (>= net461))
      Nethereum.Hex (>= 4.14)
      Nethereum.Util (>= 4.14)
      NETStandard.Library (>= 2.0.3) - restriction: || (&& (== net472) (< net451)) (== netstandard2.1)
      Newtonsoft.Json (>= 11.0.2 < 14.0)
    Nethereum.Hex (4.14)
      BouncyCastle (>= 1.8.2 < 2.0) - restriction: || (== net472) (&& (== netstandard2.1) (>= net451) (< netstandard2.0)) (&& (== netstandard2.1) (>= net461))
      NETStandard.Library (>= 2.0.3) - restriction: || (&& (== net472) (< net451)) (== netstandard2.1)
      Newtonsoft.Json (>= 11.0.2 < 14.0)
    Nethereum.JsonRpc.Client (4.14)
      BouncyCastle (>= 1.8.2 < 2.0) - restriction: || (== net472) (&& (== netstandard2.1) (>= net451) (< netstandard2.0)) (&& (== netstandard2.1) (>= net461))
      Microsoft.Extensions.Logging.Abstractions (>= 6.0.1)
      NETStandard.Library (>= 2.0.3) - restriction: || (&& (== net472) (< net451)) (== netstandard2.1)
      Newtonsoft.Json (>= 11.0.2 < 14.0)
    Nethereum.Merkle.Patricia (4.14)
      BouncyCastle (>= 1.8.2 < 2.0) - restriction: || (== net472) (&& (== netstandard2.1) (>= net451) (< netstandard2.0)) (&& (== netstandard2.1) (>= net461))
      Nethereum.Model (>= 4.14)
      Nethereum.RLP (>= 4.14)
      NETStandard.Library (>= 2.0.3) - restriction: || (&& (== net472) (< net451)) (== netstandard2.1)
      Newtonsoft.Json (>= 11.0.2 < 14.0)
    Nethereum.Model (4.14)
      BouncyCastle (>= 1.8.2 < 2.0) - restriction: || (== net472) (&& (== netstandard2.1) (>= net451) (< netstandard2.0)) (&& (== netstandard2.1) (>= net461))
      Nethereum.RLP (>= 4.14)
      Nethereum.Util (>= 4.14)
      NETStandard.Library (>= 2.0.3) - restriction: || (&& (== net472) (< net451)) (== netstandard2.1)
      Newtonsoft.Json (>= 11.0.2 < 14.0)
    Nethereum.RLP (4.14)
      BouncyCastle (>= 1.8.2 < 2.0) - restriction: || (== net472) (&& (== netstandard2.1) (>= net451) (< netstandard2.0)) (&& (== netstandard2.1) (>= net461))
      Nethereum.Hex (>= 4.14)
      NETStandard.Library (>= 2.0.3) - restriction: || (&& (== net472) (< net451)) (== netstandard2.1)
      Newtonsoft.Json (>= 11.0.2 < 14.0)
    Nethereum.RPC (4.14)
      BouncyCastle (>= 1.8.2 < 2.0) - restriction: || (== net472) (&& (== netstandard2.1) (>= net451) (< netstandard2.0)) (&& (== netstandard2.1) (>= net461))
      Nethereum.Hex (>= 4.14)
      Nethereum.JsonRpc.Client (>= 4.14)
      Nethereum.Merkle.Patricia (>= 4.14)
      Nethereum.Model (>= 4.14)
      Nethereum.Util (>= 4.14)
      NETStandard.Library (>= 2.0.3) - restriction: || (&& (== net472) (< net451)) (== netstandard2.1)
      Newtonsoft.Json (>= 11.0.2 < 14.0)
    Nethereum.Signer (4.14)
      BouncyCastle (>= 1.8.2 < 2.0) - restriction: || (== net472) (&& (== netstandard2.1) (>= net451) (< netstandard2.0)) (&& (== netstandard2.1) (>= net461))
      Nethereum.Hex (>= 4.14)
      Nethereum.Model (>= 4.14)
      Nethereum.RLP (>= 4.14)
      Nethereum.Util (>= 4.14)
      NETStandard.Library (>= 2.0.3) - restriction: || (&& (== net472) (< net451)) (== netstandard2.1)
      Newtonsoft.Json (>= 11.0.2 < 14.0)
      Portable.BouncyCastle (>= 1.8.2 < 2.0) - restriction: || (&& (== net472) (< net451)) (&& (== net472) (>= netcoreapp2.1)) (== netstandard2.1)
    Nethereum.Util (4.14)
      BouncyCastle (>= 1.8.2 < 2.0) - restriction: || (== net472) (&& (== netstandard2.1) (>= net451) (< netstandard2.0)) (&& (== netstandard2.1) (>= net461))
      Nethereum.Hex (>= 4.14)
      Nethereum.RLP (>= 4.14)
      NETStandard.Library (>= 2.0.3) - restriction: || (&& (== net472) (< net451)) (== netstandard2.1)
      Newtonsoft.Json (>= 11.0.2 < 14.0)
    NETStandard.Library (2.0.3) - restriction: || (&& (== net472) (< net451)) (== netstandard2.1)
      Microsoft.NETCore.Platforms (>= 1.1)
    Newtonsoft.Json (13.0.1)
    Portable.BouncyCastle (1.9) - restriction: || (&& (== net472) (< net451)) (&& (== net472) (>= netcoreapp2.1)) (== netstandard2.1)
    StyleCop.Analyzers (1.1.118)
    System.Buffers (4.5.1)
    System.Memory (4.5.5)
      System.Buffers (>= 4.5.1)
      System.Numerics.Vectors (>= 4.4) - restriction: || (&& (== net472) (< net45)) (== netstandard2.1)
      System.Numerics.Vectors (>= 4.5) - restriction: || (== net472) (&& (== netstandard2.1) (>= net461))
      System.Runtime.CompilerServices.Unsafe (>= 4.5.3)
    System.Numerics.Vectors (4.5)
    System.Runtime.CompilerServices.Unsafe (6.0)
    System.Threading.Tasks.Extensions (4.5.4) - restriction: || (== net472) (&& (== netstandard2.1) (>= net462))
      System.Runtime.CompilerServices.Unsafe (>= 4.5.3)

GROUP Test
RESTRICTION: == net6.0
NUGET
  remote: https://api.nuget.org/v3/index.json
    Microsoft.CodeCoverage (17.6.2)
    Microsoft.NET.Test.Sdk (17.5)
      Microsoft.CodeCoverage (>= 17.5)
      Microsoft.TestPlatform.TestHost (>= 17.5)
    Microsoft.NETCore.Platforms (7.0.2)
    Microsoft.TestPlatform.ObjectModel (17.6.2)
      NuGet.Frameworks (>= 6.5)
      System.Reflection.Metadata (>= 1.6)
    Microsoft.TestPlatform.TestHost (17.6.2)
      Microsoft.TestPlatform.ObjectModel (>= 17.6.2)
      Newtonsoft.Json (>= 13.0.1)
    NETStandard.Library (2.0.3)
      Microsoft.NETCore.Platforms (>= 1.1)
    Newtonsoft.Json (13.0.3)
    NuGet.Frameworks (6.6)
    NUnit (3.13.3)
      NETStandard.Library (>= 2.0)
    NUnit3TestAdapter (4.4.2)
    System.Collections.Immutable (7.0)
      System.Runtime.CompilerServices.Unsafe (>= 6.0)
    System.Reflection.Metadata (7.0.1)
      System.Collections.Immutable (>= 7.0)
    System.Runtime.CompilerServices.Unsafe (6.0)

GROUP Unity
CONDITION: UNITY
RESTRICTION: || (== net472) (== netstandard2.1)
NUGET
  remote: https://api.nuget.org/v3/index.json
    Microsoft.Bcl.AsyncInterfaces (7.0) - restriction: || (== net472) (&& (== netstandard2.1) (>= net462))
      System.Threading.Tasks.Extensions (>= 4.5.4) - restriction: || (== net472) (&& (== netstandard2.1) (>= net462))
    Microsoft.Extensions.DependencyInjection (7.0)
      Microsoft.Bcl.AsyncInterfaces (>= 7.0) - restriction: || (== net472) (&& (== netstandard2.1) (>= net462))
      Microsoft.Extensions.DependencyInjection.Abstractions (>= 7.0)
      System.Threading.Tasks.Extensions (>= 4.5.4) - restriction: || (== net472) (&& (== netstandard2.1) (>= net462))
    Microsoft.Extensions.DependencyInjection.Abstractions (7.0)
      Microsoft.Bcl.AsyncInterfaces (>= 7.0) - restriction: || (== net472) (&& (== netstandard2.1) (>= net462))
      System.Threading.Tasks.Extensions (>= 4.5.4) - restriction: || (== net472) (&& (== netstandard2.1) (>= net462))
    Microsoft.Extensions.Logging.Abstractions (6.0.1)
      System.Buffers (>= 4.5.1)
      System.Memory (>= 4.5.4)
    StyleCop.Analyzers (1.1.118)
    System.Buffers (4.5.1)
    System.Memory (4.5.5)
      System.Buffers (>= 4.5.1)
      System.Numerics.Vectors (>= 4.4) - restriction: || (&& (== net472) (< net45)) (== netstandard2.1)
      System.Numerics.Vectors (>= 4.5) - restriction: || (== net472) (&& (== netstandard2.1) (>= net461))
      System.Runtime.CompilerServices.Unsafe (>= 4.5.3)
    System.Numerics.Vectors (4.5)
    System.Runtime.CompilerServices.Unsafe (6.0)
    System.Threading.Tasks.Extensions (4.5.4) - restriction: || (== net472) (&& (== netstandard2.1) (>= net462))
      System.Runtime.CompilerServices.Unsafe (>= 4.5.3)
